PATH
  remote: .
  specs:
    pirate_commander (0.0.1)
      active_support
      booty
      trollop

GEM
  remote: https://rubygems.org/
  specs:
    active_support (3.0.0)
      activesupport (= 3.0.0)
    activesupport (3.0.0)
    booty (0.1.1)
    rake (10.1.0)
    trollop (2.0)

PLATFORMS
  ruby

DEPENDENCIES
  bundler (~> 1.3)
  pirate_commander!
  rake
